GEM
  remote: https://rubygems.org/
  specs:
    ffi (1.15.5)
    pocketsphinx-ruby (0.4.0)
      ffi (>= 1.9)
    rake (13.0.6)
    tts (0.8.2)

PLATFORMS
  x86_64-linux

DEPENDENCIES
  pocketsphinx-ruby (~> 0.4.0)
  rake
  tts

BUNDLED WITH
   2.3.17
